GEM
  remote: https://rubygems.org/
  specs:
    actioncable (7.0.4.2)
      actionpack (= 7.0.4.2)
      activesupport (= 7.0.4.2)
      nio4r (~> 2.0)
      websocket-driver (>= 0.6.1)
    actionmailbox (7.0.4.2)
      actionpack (= 7.0.4.2)
      activejob (= 7.0.4.2)
      activerecord (= 7.0.4.2)
      activestorage (= 7.0.4.2)
      activesupport (= 7.0.4.2)
      mail (>= 2.7.1)
      net-imap
      net-pop
      net-smtp
    actionmailer (7.0.4.2)
      actionpack (= 7.0.4.2)
      actionview (= 7.0.4.2)
      activejob (= 7.0.4.2)
      activesupport (= 7.0.4.2)
      mail (~> 2.5, >= 2.5.4)
      net-imap
      net-pop
      net-smtp
      rails-dom-testing (~> 2.0)
    actionpack (7.0.4.2)
      actionview (= 7.0.4.2)
      activesupport (= 7.0.4.2)
      rack (~> 2.0, >= 2.2.0)
      rack-test (>= 0.6.3)
      rails-dom-testing (~> 2.0)
      rails-html-sanitizer (~> 1.0, >= 1.2.0)
    actiontext (7.0.4.2)
      actionpack (= 7.0.4.2)
      activerecord (= 7.0.4.2)
      activestorage (= 7.0.4.2)
      activesupport (= 7.0.4.2)
      globalid (>= 0.6.0)
      nokogiri (>= 1.8.5)
    actionview (7.0.4.2)
      activesupport (= 7.0.4.2)
      builder (~> 3.1)
      erubi (~> 1.4)
      rails-dom-testing (~> 2.0)
      rails-html-sanitizer (~> 1.1, >= 1.2.0)
    active_model_serializers (0.10.13)
      actionpack (>= 4.1, < 7.1)
      activemodel (>= 4.1, < 7.1)
      case_transform (>= 0.2)
      jsonapi-renderer (>= 0.1.1.beta1, < 0.3)
    activejob (7.0.4.2)
      activesupport (= 7.0.4.2)
      globalid (>= 0.3.6)
    activemodel (7.0.4.2)
      activesupport (= 7.0.4.2)
    activerecord (7.0.4.2)
      activemodel (= 7.0.4.2)
      activesupport (= 7.0.4.2)
    activestorage (7.0.4.2)
      actionpack (= 7.0.4.2)
      activejob (= 7.0.4.2)
      activerecord (= 7.0.4.2)
      activesupport (= 7.0.4.2)
      marcel (~> 1.0)
      mini_mime (>= 1.1.0)
    activesupport (7.0.4.2)
      concurrent-ruby (~> 1.0, >= 1.0.2)
      i18n (>= 1.6, < 2)
      minitest (>= 5.1)
      tzinfo (~> 2.0)
    addressable (2.8.1)
      public_suffix (>= 2.0.2, < 6.0)
    ast (2.4.2)
    attr_extras (7.1.0)
    awesome_print (1.9.2)
    binding_of_caller (1.0.0)
      debug_inspector (>= 0.0.1)
    bootsnap (1.16.0)
      msgpack (~> 1.2)
    builder (3.2.4)
    business (2.3.0)
    byebug (11.1.3)
    case_transform (0.2)
      activesupport
    coderay (1.1.3)
    colorize (0.8.1)
    concurrent-ruby (1.2.2)
    crack (0.4.5)
      rexml
    crass (1.0.6)
    database_cleaner (2.0.1)
      database_cleaner-active_record (~> 2.0.0)
    database_cleaner-active_record (2.0.1)
      activerecord (>= 5.a)
      database_cleaner-core (~> 2.0.0)
    database_cleaner-core (2.0.1)
    date (3.3.3)
    debug_inspector (1.1.0)
    declarative (0.0.20)
    descriptive_statistics (2.5.1)
    dibber (0.7.0)
    diff-lcs (1.5.0)
    docile (1.4.0)
    dotenv (2.8.1)
    dotenv-rails (2.8.1)
      dotenv (= 2.8.1)
      railties (>= 3.2)
    erubi (1.12.0)
    factory_bot (6.2.1)
      activesupport (>= 5.0.0)
    factory_bot_rails (6.2.0)
      factory_bot (~> 6.2.0)
      railties (>= 5.0.0)
    faker (3.1.1)
      i18n (>= 1.8.11, < 2)
    faraday (1.10.3)
      faraday-em_http (~> 1.0)
      faraday-em_synchrony (~> 1.0)
      faraday-excon (~> 1.1)
      faraday-httpclient (~> 1.0)
      faraday-multipart (~> 1.0)
      faraday-net_http (~> 1.0)
      faraday-net_http_persistent (~> 1.0)
      faraday-patron (~> 1.0)
      faraday-rack (~> 1.0)
      faraday-retry (~> 1.0)
      ruby2_keywords (>= 0.0.4)
    faraday-em_http (1.0.0)
    faraday-em_synchrony (1.0.0)
    faraday-excon (1.1.0)
    faraday-httpclient (1.0.1)
    faraday-multipart (1.0.4)
      multipart-post (~> 2)
    faraday-net_http (1.0.1)
    faraday-net_http_persistent (1.2.0)
    faraday-patron (1.0.0)
    faraday-rack (1.0.0)
    faraday-retry (1.0.3)
    ffi (1.15.5)
    formatador (1.1.0)
    globalid (1.1.0)
      activesupport (>= 5.0)
    google-apis-core (0.11.0)
      addressable (~> 2.5, >= 2.5.1)
      googleauth (>= 0.16.2, < 2.a)
      httpclient (>= 2.8.1, < 3.a)
      mini_mime (~> 1.0)
      representable (~> 3.0)
      retriable (>= 2.0, < 4.a)
      rexml
      webrick
    google-apis-drive_v3 (0.36.0)
      google-apis-core (>= 0.11.0, < 2.a)
    google-apis-sheets_v4 (0.22.0)
      google-apis-core (>= 0.11.0, < 2.a)
    google_drive (3.0.7)
      google-apis-drive_v3 (>= 0.5.0, < 1.0.0)
      google-apis-sheets_v4 (>= 0.4.0, < 1.0.0)
      googleauth (>= 0.5.0, < 1.0.0)
      nokogiri (>= 1.5.3, < 2.0.0)
    googleauth (0.17.1)
      faraday (>= 0.17.3, < 2.0)
      jwt (>= 1.4, < 3.0)
      memoist (~> 0.16)
      multi_json (~> 1.11)
      os (>= 0.9, < 2.0)
      signet (~> 0.15)
    guard (2.18.0)
      formatador (>= 0.2.4)
      listen (>= 2.7, < 4.0)
      lumberjack (>= 1.0.12, < 2.0)
      nenv (~> 0.1)
      notiffany (~> 0.0)
      pry (>= 0.13.0)
      shellany (~> 0.0)
      thor (>= 0.18.1)
    guard-compat (1.2.1)
    guard-rspec (4.7.3)
      guard (~> 2.1)
      guard-compat (~> 1.1)
      rspec (>= 2.99.0, < 4.0)
    guard-rubocop (1.5.0)
      guard (~> 2.0)
      rubocop (< 2.0)
    hashdiff (1.0.1)
    httpclient (2.8.3)
    i18n (1.12.0)
      concurrent-ruby (~> 1.0)
    interception (0.5)
    json (2.6.3)
    json-schema (3.0.0)
      addressable (>= 2.8)
    jsonapi-renderer (0.2.2)
    jwt (2.7.0)
    listen (3.8.0)
      rb-fsevent (~> 0.10, >= 0.10.3)
      rb-inotify (~> 0.9, >= 0.9.10)
    loofah (2.19.1)
      crass (~> 1.0.2)
      nokogiri (>= 1.5.9)
    lumberjack (1.2.8)
    mail (2.8.1)
      mini_mime (>= 0.1.1)
      net-imap
      net-pop
      net-smtp
    marcel (1.0.2)
    memoist (0.16.2)
    method_source (1.0.0)
    mini_mime (1.1.2)
    mini_portile2 (2.8.1)
    minitest (5.17.0)
    msgpack (1.6.0)
    multi_json (1.15.0)
    multipart-post (2.3.0)
    nenv (0.3.0)
    nesty (1.0.2)
    net-imap (0.3.4)
      date
      net-protocol
    net-pop (0.1.2)
      net-protocol
    net-protocol (0.2.1)
      timeout
    net-smtp (0.3.3)
      net-protocol
    nio4r (2.5.8)
    nokogiri (1.14.2)
      mini_portile2 (~> 2.8.0)
      racc (~> 1.4)
    notiffany (0.1.3)
      nenv (~> 0.1)
      shellany (~> 0.0)
    optimist (3.0.1)
    os (1.1.4)
    parallel (1.22.1)
    parser (3.2.1.0)
      ast (~> 2.4.1)
    patience_diff (1.2.0)
      optimist (~> 3.0)
    pg (1.4.6)
    pry (0.14.2)
      coderay (~> 1.1)
      method_source (~> 1.0)
    pry-byebug (3.10.1)
      byebug (~> 11.0)
      pry (>= 0.13, < 0.15)
    pry-rescue (1.5.2)
      interception (>= 0.5)
      pry (>= 0.12.0)
    pry-stack_explorer (0.6.1)
      binding_of_caller (~> 1.0)
      pry (~> 0.13)
    public_suffix (5.0.1)
    puma (6.1.0)
      nio4r (~> 2.0)
    racc (1.6.2)
    rack (2.2.6.2)
    rack-test (2.0.2)
      rack (>= 1.3)
    rails (7.0.4.2)
      actioncable (= 7.0.4.2)
      actionmailbox (= 7.0.4.2)
      actionmailer (= 7.0.4.2)
      actionpack (= 7.0.4.2)
      actiontext (= 7.0.4.2)
      actionview (= 7.0.4.2)
      activejob (= 7.0.4.2)
      activemodel (= 7.0.4.2)
      activerecord (= 7.0.4.2)
      activestorage (= 7.0.4.2)
      activesupport (= 7.0.4.2)
      bundler (>= 1.15.0)
      railties (= 7.0.4.2)
    rails-dom-testing (2.0.3)
      activesupport (>= 4.2.0)
      nokogiri (>= 1.6)
    rails-html-sanitizer (1.5.0)
      loofah (~> 2.19, >= 2.19.1)
    railties (7.0.4.2)
      actionpack (= 7.0.4.2)
      activesupport (= 7.0.4.2)
      method_source
      rake (>= 12.2)
      thor (~> 1.0)
      zeitwerk (~> 2.5)
    rainbow (3.1.1)
    rake (13.0.6)
    rb-fsevent (0.11.2)
    rb-inotify (0.10.1)
      ffi (~> 1.0)
    regexp_parser (2.7.0)
    representable (3.2.0)
      declarative (< 0.1.0)
      trailblazer-option (>= 0.1.1, < 0.2.0)
      uber (< 0.2.0)
    retriable (3.1.2)
    rexml (3.2.5)
    roo (2.10.0)
      nokogiri (~> 1)
      rubyzip (>= 1.3.0, < 3.0.0)
    rspec (3.12.0)
      rspec-core (~> 3.12.0)
      rspec-expectations (~> 3.12.0)
      rspec-mocks (~> 3.12.0)
    rspec-core (3.12.1)
      rspec-support (~> 3.12.0)
    rspec-expectations (3.12.2)
      diff-lcs (>= 1.2.0, < 2.0)
      rspec-support (~> 3.12.0)
    rspec-mocks (3.12.3)
      diff-lcs (>= 1.2.0, < 2.0)
      rspec-support (~> 3.12.0)
    rspec-rails (6.0.1)
      actionpack (>= 6.1)
      activesupport (>= 6.1)
      railties (>= 6.1)
      rspec-core (~> 3.11)
      rspec-expectations (~> 3.11)
      rspec-mocks (~> 3.11)
      rspec-support (~> 3.11)
    rspec-support (3.12.0)
    rspec_junit_formatter (0.6.0)
      rspec-core (>= 2, < 4, != 2.12.0)
    rswag-api (2.8.0)
      railties (>= 3.1, < 7.1)
    rswag-specs (2.8.0)
      activesupport (>= 3.1, < 7.1)
      json-schema (>= 2.2, < 4.0)
      railties (>= 3.1, < 7.1)
      rspec-core (>= 2.14)
    rswag-ui (2.8.0)
      actionpack (>= 3.1, < 7.1)
      railties (>= 3.1, < 7.1)
    rubocop (1.44.1)
      json (~> 2.3)
      parallel (~> 1.10)
      parser (>= 3.2.0.0)
      rainbow (>= 2.2.2, < 4.0)
      regexp_parser (>= 1.8, < 3.0)
      rexml (>= 3.2.5, < 4.0)
      rubocop-ast (>= 1.24.1, < 2.0)
      ruby-progressbar (~> 1.7)
      unicode-display_width (>= 2.4.0, < 3.0)
    rubocop-ast (1.24.1)
      parser (>= 3.1.1.0)
    rubocop-capybara (2.17.1)
      rubocop (~> 1.41)
    rubocop-govuk (4.10.0)
      rubocop (= 1.44.1)
      rubocop-ast (= 1.24.1)
      rubocop-rails (= 2.17.4)
      rubocop-rake (= 0.6.0)
      rubocop-rspec (= 2.18.1)
    rubocop-performance (1.16.0)
      rubocop (>= 1.7.0, < 2.0)
      rubocop-ast (>= 0.4.0)
    rubocop-rails (2.17.4)
      activesupport (>= 4.2.0)
      rack (>= 1.1)
      rubocop (>= 1.33.0, < 2.0)
    rubocop-rake (0.6.0)
      rubocop (~> 1.0)
    rubocop-rspec (2.18.1)
      rubocop (~> 1.33)
      rubocop-capybara (~> 2.17)
    ruby-progressbar (1.11.0)
    ruby2_keywords (0.0.5)
    rubyzip (2.3.2)
    sentry-rails (5.8.0)
      railties (>= 5.0)
      sentry-ruby (~> 5.8.0)
    sentry-ruby (5.8.0)
      concurrent-ruby (~> 1.0, >= 1.0.2)
    shellany (0.0.1)
    shoulda-matchers (5.3.0)
      activesupport (>= 5.2.0)
    signet (0.17.0)
      addressable (~> 2.8)
      faraday (>= 0.17.5, < 3.a)
      jwt (>= 1.5, < 3.0)
      multi_json (~> 1.10)
    simplecov (0.22.0)
      docile (~> 1.1)
      simplecov-html (~> 0.11)
      simplecov_json_formatter (~> 0.1)
    simplecov-html (0.12.3)
    simplecov-rcov (0.3.1)
      simplecov (>= 0.4.1)
    simplecov_json_formatter (0.1.4)
    spring (4.1.1)
    super_diff (0.9.0)
      attr_extras (>= 6.2.4)
      diff-lcs
      patience_diff
    thor (1.2.1)
    timeout (0.3.2)
    trailblazer-option (0.1.2)
    tzinfo (2.0.6)
      concurrent-ruby (~> 1.0)
    tzinfo-data (1.2022.7)
      tzinfo (>= 1.0.0)
    uber (0.1.0)
    unicode-display_width (2.4.2)
    vcr (6.1.0)
    webmock (3.18.1)
      addressable (>= 2.8.0)
      crack (>= 0.3.2)
      hashdiff (>= 0.4.0, < 2.0.0)
    webrick (1.8.1)
    websocket-driver (0.7.5)
      websocket-extensions (>= 0.1.0)
    websocket-extensions (0.1.5)
    zeitwerk (2.6.7)

PLATFORMS
  ruby

DEPENDENCIES
  active_model_serializers (~> 0.10.13)
  awesome_print
  bootsnap (>= 1.1.0)
  business (~> 2.3)
  byebug
  colorize
  database_cleaner
  descriptive_statistics
  dibber
  dotenv-rails (>= 2.7.6)
  factory_bot_rails (>= 6.2.0)
  faker
  faraday (~> 1.10)
  google_drive (>= 3.0.7)
  guard
  guard-rspec
  guard-rubocop
  json-schema (~> 3.0.0)
  listen (>= 3.0.5, < 3.9)
  nesty
  net-imap
  net-pop
  net-smtp
  pg (>= 0.18, < 2.0)
  pry-byebug
  pry-rescue
  pry-stack_explorer
  puma (~> 6.1)
  rails (~> 7.0.4)
  roo (~> 2.10.0)
  rspec-rails (~> 6.0)
  rspec_junit_formatter
  rswag-api
  rswag-specs
  rswag-ui
  rubocop-govuk
  rubocop-performance
  sentry-rails (>= 5.3.1)
  sentry-ruby
  shoulda-matchers
  simplecov
  simplecov-rcov
  spring
  super_diff
  tzinfo-data
  vcr
  webmock (>= 3.13.0)

RUBY VERSION
   ruby 3.2.0p0

BUNDLED WITH
   2.3.8
